GIT
  remote: https://github.com/dpritchett/lita-alexa-news-recorder.git
  revision: 529725153d10bf97ba8d94db0453033c7afbfabb
  specs:
    lita-alexa-news-recorder (0.1.8)
      lita (>= 4.7)
      lita-alexa-news-publisher (>= 0.1.1)

GEM
  remote: https://rubygems.org/
  specs:
    byebug (10.0.0)
    cleverbot_io (2.0.0)
      httpclient (~> 2.8)
      oj (~> 2.15)
    coderay (1.1.1)
    concurrent-ruby (1.0.5)
    diff-lcs (1.2.5)
    erubis (2.7.0)
    eventmachine (1.2.3)
    excon (0.55.0)
    faraday (0.13.1)
      multipart-post (>= 1.2, < 3)
    faye-websocket (0.10.7)
      eventmachine (>= 0.12.0)
      websocket-driver (>= 0.5.1)
    heroics (0.0.21)
      erubis (~> 2.0)
      excon
      multi_json (>= 1.9.2)
    http_router (0.11.2)
      rack (>= 1.0.0)
      url_mount (~> 0.2.1)
    httpclient (2.8.3)
    i18n (1.0.0)
      concurrent-ruby (~> 1.0)
    ice_nine (0.11.2)
    lita (4.7.1)
      bundler (>= 1.3)
      faraday (>= 0.8.7)
      http_router (>= 0.11.2)
      i18n (>= 0.6.9)
      ice_nine (>= 0.11.0)
      multi_json (>= 1.7.7)
      puma (>= 2.7.1)
      rack (>= 1.5.2, < 2.0.0)
      rb-readline (>= 0.5.1)
      redis-namespace (>= 1.3.0)
      thor (>= 0.18.1)
    lita-alexa-news-publisher (0.1.7)
      lita (>= 4.7)
    lita-cleverbot-demo (0.1.0)
      cleverbot_io
      lita (>= 4.7)
    lita-doubler (0.1.0)
      lita (>= 4.7)
    lita-imgflip-memes (1.1.1)
      lita (>= 4.7)
    lita-markov-blabber (0.3.0)
      lita (>= 4.7)
      marky_markov (~> 0.3.5)
    lita-restart-elvis (0.2.0)
      lita (>= 4.7)
      platform-api
    lita-slack (1.8.0)
      eventmachine
      faraday
      faye-websocket (>= 0.8.0)
      lita (>= 4.7.1)
      multi_json
    lita-whats-brad-eating (1.0.0)
      lita (>= 4.7)
      nokogiri
    marky_markov (0.3.5)
      msgpack
    method_source (0.8.2)
    mini_portile2 (2.1.0)
    moneta (0.8.1)
    msgpack (1.2.2)
    multi_json (1.12.2)
    multipart-post (2.0.0)
    nokogiri (1.7.1)
      mini_portile2 (~> 2.1.0)
    oj (2.18.5)
    platform-api (1.0.1)
      heroics (~> 0.0.21)
      moneta (~> 0.8.1)
    pry (0.10.4)
      coderay (~> 1.1.0)
      method_source (~> 0.8.1)
      slop (~> 3.4)
    pry-byebug (3.6.0)
      byebug (~> 10.0)
      pry (~> 0.10)
    pry-doc (0.10.0)
      pry (~> 0.9)
      yard (~> 0.9)
    puma (3.11.2)
    rack (1.6.8)
    rake (11.3.0)
    rb-readline (0.5.5)
    redis (4.0.1)
    redis-namespace (1.6.0)
      redis (>= 3.0.4)
    rspec (3.3.0)
      rspec-core (~> 3.3.0)
      rspec-expectations (~> 3.3.0)
      rspec-mocks (~> 3.3.0)
    rspec-core (3.3.2)
      rspec-support (~> 3.3.0)
    rspec-expectations (3.3.1)
      diff-lcs (>= 1.2.0, < 2.0)
      rspec-support (~> 3.3.0)
    rspec-mocks (3.3.2)
      diff-lcs (>= 1.2.0, < 2.0)
      rspec-support (~> 3.3.0)
    rspec-support (3.3.0)
    slop (3.6.0)
    thor (0.20.0)
    url_mount (0.2.1)
      rack
    websocket-driver (0.6.5)
      websocket-extensions (>= 0.1.0)
    websocket-extensions (0.1.2)
    yard (0.9.9)

PLATFORMS
  ruby

DEPENDENCIES
  lita
  lita-alexa-news-publisher
  lita-alexa-news-recorder!
  lita-cleverbot-demo
  lita-doubler
  lita-imgflip-memes
  lita-markov-blabber
  lita-restart-elvis
  lita-slack
  lita-whats-brad-eating
  pry
  pry-byebug
  pry-doc
  rake
  rspec

RUBY VERSION
   ruby 2.3.1p112

BUNDLED WITH
   1.15.4
